PATH
  remote: .
  specs:
    Pagerduty-Slapin (0.1.0)
      httparty (~> 0.14.0)
      thor (~> 0.19.1)

GEM
  remote: https://rubygems.org/
  specs:
    diff-lcs (1.2.5)
    httparty (0.14.0)
      multi_xml (>= 0.5.2)
    json (1.8.3)
    multi_xml (0.5.5)
    rake (10.5.0)
    rspec (3.5.0)
      rspec-core (~> 3.5.0)
      rspec-expectations (~> 3.5.0)
      rspec-mocks (~> 3.5.0)
    rspec-core (3.5.4)
      rspec-support (~> 3.5.0)
    rspec-expectations (3.5.0)
      diff-lcs (>= 1.2.0, < 2.0)
      rspec-support (~> 3.5.0)
    rspec-mocks (3.5.0)
      diff-lcs (>= 1.2.0, < 2.0)
      rspec-support (~> 3.5.0)
    rspec-support (3.5.0)
    thor (0.19.1)

PLATFORMS
  ruby

DEPENDENCIES
  Pagerduty-Slapin!
  bundler (~> 1.12)
  json (~> 1.8.3)
  rake (~> 10.0)
  rspec (~> 3.0)

BUNDLED WITH
   1.13.4
